GEM
  remote: https://rubygems.org/
  specs:
    activemodel (3.2.13)
      activesupport (= 3.2.13)
      builder (~> 3.0.0)
    activesupport (3.2.13)
      i18n (= 0.6.1)
      multi_json (~> 1.0)
    ansi (1.4.3)
    builder (3.0.4)
    clamp (0.2.3)
    curb (0.8.3)
    daemon_controller (0.2.6)
    geocoder (1.1.8)
    hashr (0.0.22)
    i18n (0.6.1)
    json (1.8.0)
    logger (1.2.8)
    mime-types (1.23)
    multi_json (1.7.3)
    rake (10.0.4)
    redis-server (0.0.5)
      clamp (~> 0.2.1)
      daemon_controller (~> 0.2.6)
    rest-client (1.6.7)
      mime-types (>= 1.16)
    tire (0.5.8)
      activemodel (>= 3.0)
      activesupport
      ansi
      hashr (~> 0.0.19)
      multi_json (~> 1.3)
      rake
      rest-client (~> 1.6)
    zipruby (0.3.6)

PLATFORMS
  ruby

DEPENDENCIES
  curb
  geocoder
  json
  logger
  redis-server
  tire
  zipruby
