GEM
  remote: https://rubygems.org/
  specs:
    actionpack (4.0.0)
      activesupport (= 4.0.0)
      builder (~> 3.1.0)
      erubis (~> 2.7.0)
      rack (~> 1.5.2)
      rack-test (~> 0.6.2)
    activesupport (4.0.0)
      i18n (~> 0.6, >= 0.6.4)
      minitest (~> 4.2)
      multi_json (~> 1.3)
      thread_safe (~> 0.1)
      tzinfo (~> 0.3.37)
    andand (1.3.3)
    atomic (1.1.13)
    atomic (1.1.13-java)
    builder (3.1.4)
    byebug (1.8.2)
      columnize (~> 0.3.6)
      debugger-linecache (~> 1.2.0)
    celluloid (0.15.1)
      timers (~> 1.1.0)
    clamp (0.2.3)
    coderay (1.0.9)
    columnize (0.3.6)
    connection_pool (1.1.0)
    curb (0.8.4)
    daemon_controller (0.2.6)
    debugger-linecache (1.2.0)
    diff-lcs (1.2.4)
    erubis (2.7.0)
    geocoder (1.1.8)
    i18n (0.6.5)
    json (1.8.0)
    json (1.8.0-java)
    method_source (0.8.2)
    minitest (4.7.5)
    multi_json (1.7.9)
    oj (2.1.7)
    pry (0.9.12.2)
      coderay (~> 1.0.5)
      method_source (~> 0.8)
      slop (~> 3.4)
    pry-byebug (1.1.2)
      byebug (~> 1.6)
      pry (~> 0.9.12)
    rack (1.5.2)
    rack-test (0.6.2)
      rack (>= 1.0)
    redis (3.0.4)
    redis-namespace (1.3.1)
      redis (~> 3.0.0)
    redis-server (0.0.5)
      clamp (~> 0.2.1)
      daemon_controller (~> 0.2.6)
    rspec (2.14.1)
      rspec-core (~> 2.14.0)
      rspec-expectations (~> 2.14.0)
      rspec-mocks (~> 2.14.0)
    rspec-core (2.14.5)
    rspec-expectations (2.14.2)
      diff-lcs (>= 1.1.3, < 2.0)
    rspec-mocks (2.14.3)
    rubyzip (1.0.0)
    sidekiq (2.14.0)
      celluloid (>= 0.14.1)
      connection_pool (>= 1.0.0)
      json
      redis (>= 3.0.4)
      redis-namespace
    slop (3.4.6)
    thread_safe (0.1.2)
      atomic
    thread_safe (0.1.2-java)
      atomic
    timers (1.1.0)
    trollop (2.0)
    tzinfo (0.3.37)
    yajl-ruby (1.1.0)

PLATFORMS
  java
  ruby

DEPENDENCIES
  actionpack
  activesupport
  andand
  curb
  geocoder
  json
  oj
  pry
  pry-byebug
  redis-server
  rspec
  rubyzip
  sidekiq
  trollop
  yajl-ruby
